GEM
  remote: https://rubygems.org/
  specs:
    diff-lcs (1.1.3)
    gli (2.5.0)
    json (1.7.5)
    rack (1.4.1)
    rack-protection (1.2.0)
      rack
    rake (10.0.2)
    rdoc (3.12)
      json (~> 1.4)
    rio (0.5.1)
      rdoc
      test-unit
    rspec (2.12.0)
      rspec-core (~> 2.12.0)
      rspec-expectations (~> 2.12.0)
      rspec-mocks (~> 2.12.0)
    rspec-core (2.12.0)
    rspec-expectations (2.12.0)
      diff-lcs (~> 1.1.3)
    rspec-mocks (2.12.0)
    sinatra (1.3.3)
      rack (~> 1.3, >= 1.3.6)
      rack-protection (~> 1.2)
      tilt (~> 1.3, >= 1.3.3)
    test-unit (2.5.2)
    tilt (1.3.3)

PLATFORMS
  ruby

DEPENDENCIES
  gli
  rake
  rio
  rspec
  sinatra
